PATH
  remote: .
  specs:
    wake (0.0.1)
      gli (~> 2.13.4)

GEM
  remote: https://rubygems.org/
  specs:
    addressable (2.4.0)
    ast (2.2.0)
    crack (0.4.3)
      safe_yaml (~> 1.0.0)
    gli (2.13.4)
    hashdiff (0.3.0)
    json (1.8.3)
    minitest (5.8.3)
    minitest-rg (5.2.0)
      minitest (~> 5.0)
    parser (2.3.0.6)
      ast (~> 2.2)
    powerpack (0.1.1)
    rainbow (2.1.0)
    rake (10.5.0)
    rdoc (4.2.2)
      json (~> 1.4)
    rubocop (0.37.2)
      parser (>= 2.3.0.4, < 3.0)
      powerpack (~> 0.1)
      rainbow (>= 1.99.1, < 3.0)
      ruby-progressbar (~> 1.7)
      unicode-display_width (~> 0.3)
    ruby-progressbar (1.7.5)
    safe_yaml (1.0.4)
    unicode-display_width (0.3.1)
    webmock (1.24.2)
      addressable (>= 2.3.6)
      crack (>= 0.3.2)
      hashdiff

PLATFORMS
  ruby

DEPENDENCIES
  minitest
  minitest-rg
  rake
  rdoc
  rubocop
  wake!
  webmock

BUNDLED WITH
   1.11.2
