PATH
  remote: .
  specs:
    wake (0.0.1)
      gli (~> 2.13.4)

GEM
  remote: https://rubygems.org/
  specs:
    gli (2.13.4)
    json (1.8.3)
    rake (10.5.0)
    rdoc (4.2.2)
      json (~> 1.4)

PLATFORMS
  ruby

DEPENDENCIES
  rake
  rdoc
  wake!

BUNDLED WITH
   1.11.2
